GEM
  remote: https://rubygems.org/
  specs:

PLATFORMS
  x86_64-darwin-19

DEPENDENCIES

BUNDLED WITH
   2.2.6
